GEM
  remote: https://rubygems.org/
  remote: https://rails-assets.org/
  specs:
    backports (3.6.8)
    coffee-script (2.4.1)
      coffee-script-source
      execjs
    coffee-script-source (1.10.0)
    ejs (1.1.1)
    execjs (2.6.0)
    hike (1.2.3)
    multi_json (1.12.0)
    puma (3.6.0)
    rack (1.6.4)
    rack-protection (1.5.3)
      rack
    rack-test (0.6.3)
      rack (>= 1.0)
    rails-assets-angular (1.5.5)
    rails-assets-angular-cookies (1.5.5)
      rails-assets-angular (= 1.5.5)
    rails-assets-angular-sanitize (1.5.5)
      rails-assets-angular (= 1.5.5)
    rails-assets-angular-ui-router-title (0.0.4)
    rails-assets-bootstrap (3.3.6)
      rails-assets-jquery (>= 1.9.1, < 3)
    rails-assets-jquery (2.2.3)
    rails-assets-lodash (4.12.0)
    rails-assets-nprogress (0.2.0)
    rails-assets-restangular (1.5.2)
      rails-assets-angular (~> 1.0)
      rails-assets-lodash (>= 1.3.0)
    rails-assets-ui-router (0.2.18)
      rails-assets-angular (>= 1.0.8, < 2)
    rails-assets-videogular (1.4.3)
      rails-assets-angular (>= 1.3.0, < 2)
      rails-assets-angular-sanitize (>= 1.3.0, < 2)
    rake (10.5.0)
    sass (3.4.22)
    sinatra (1.4.7)
      rack (~> 1.5)
      rack-protection (~> 1.4)
      tilt (>= 1.3, < 3)
    sinatra-asset-pipeline (0.7.0)
      coffee-script (~> 2.3)
      rake (~> 10.0)
      sass (~> 3.1)
      sinatra (~> 1.4)
      sprockets (~> 2.12)
      sprockets-helpers (~> 1.1)
      sprockets-sass (~> 1.2)
    sinatra-contrib (1.4.7)
      backports (>= 2.0)
      multi_json
      rack-protection
      rack-test
      sinatra (~> 1.4.0)
      tilt (>= 1.3, < 3)
    sprockets (2.12.4)
      hike (~> 1.2)
      multi_json (~> 1.0)
      rack (~> 1.0)
      tilt (~> 1.1, != 1.3.0)
    sprockets-helpers (1.2.1)
      sprockets (>= 2.2)
    sprockets-sass (1.3.1)
      sprockets (~> 2.0)
      tilt (~> 1.1)
    tilt (1.4.1)
    uglifier (3.0.0)
      execjs (>= 0.3.0, < 3)

PLATFORMS
  ruby

DEPENDENCIES
  bundler (>= 1.12)
  coffee-script
  ejs
  puma
  rails-assets-angular (= 1.5.5)!
  rails-assets-angular-cookies!
  rails-assets-angular-sanitize!
  rails-assets-angular-ui-router-title!
  rails-assets-bootstrap (= 3.3.6)!
  rails-assets-lodash (>= 4.12.0)!
  rails-assets-nprogress!
  rails-assets-restangular (>= 1.5.2)!
  rails-assets-ui-router (>= 0.2.18)!
  rails-assets-videogular!
  rake
  sass
  sinatra
  sinatra-asset-pipeline
  sinatra-contrib
  uglifier

RUBY VERSION
   ruby 2.3.1p112

BUNDLED WITH
   1.12.5
